GIT
  remote: https://github.com/openfootball/africa-cup.git
  revision: 85dd47e412880aeb605ae0d13c12d1e55e4a9571
  specs:
    sportdb-data-africa-cup (9.9.9)

GIT
  remote: https://github.com/openfootball/at-austria.git
  revision: ab1e6decfb6a49181785d5a87bf6bdc9ab906fbb
  specs:
    sportdb-data-at (9.9.9)

GIT
  remote: https://github.com/openfootball/copa-america.git
  revision: 8f74ab7b298c87fec5727cec9313d727cc689433
  specs:
    sportdb-data-copa-america (9.9.9)

GIT
  remote: https://github.com/openfootball/de-deutschland.git
  revision: 4caa620a30751f644f7014fbbd6bdcb5db9b41d8
  specs:
    sportdb-data-de (9.9.9)

GIT
  remote: https://github.com/openfootball/en-england.git
  revision: bf9c21ba6a567e3c74f266643a753ec56248e9fc
  specs:
    sportdb-data-en (9.9.9)

GIT
  remote: https://github.com/openfootball/es-espana.git
  revision: 32277f17490cd5f398c5ba44e94fd0adcfdfa1db
  specs:
    sportdb-data-es (9.9.9)

GIT
  remote: https://github.com/openfootball/euro-cup.git
  revision: 75db2a7890cc496d5b7a4033a890c3a046c4a6ee
  specs:
    sportdb-data-euro-cup (9.9.9)

GIT
  remote: https://github.com/openfootball/europe-champions-league.git
  revision: 2e0b787c72a9feb8f35e169c8ef74583c116065f
  specs:
    sportdb-data-europe-champions-league (9.9.9)

GIT
  remote: https://github.com/openfootball/europe.git
  revision: b7d1c9619a54c0841ad9e9df0dc7052594f468dc
  specs:
    sportdb-data-europe (9.9.9)

GIT
  remote: https://github.com/openfootball/it-italy.git
  revision: d90f671491d08fbae8d7d5c6d0adfe8f5d08c61a
  specs:
    sportdb-data-it (9.9.9)

GIT
  remote: https://github.com/openfootball/north-america-gold-cup.git
  revision: 93397dc9f0701a560add5ee4432dd91f7c31b8e8
  specs:
    sportdb-data-north-america-gold-cup (9.9.9)

GIT
  remote: https://github.com/openfootball/world-cup.git
  revision: 06e69e01856e5c96b4ee80bd35167ed5f7153146
  specs:
    sportdb-data-world-cup (9.9.9)

GIT
  remote: https://github.com/openmundi/world.db.git
  revision: 64d8d587a2e279fb08b6528e98a0f10db30dc6ce
  specs:
    worlddb-data (9.9.9)

GIT
  remote: https://github.com/opensport/american-football.db.git
  revision: 5a055bd34585af4e25143ab3f0781c54b0545692
  specs:
    sportdb-data-american-football (9.9.9)

GIT
  remote: https://github.com/sportlogos/football.db.logos.ruby.git
  revision: d850fddfc09ca7c61aa2844b961bbca8e0c6c718
  specs:
    footballdb-logos (0.1.0)

GIT
  remote: https://github.com/sportlogos/sport.db.logos.ruby.git
  revision: 9ec090009312cc8c4a575c9350532a59e1435a24
  specs:
    sportdb-logos (0.1.0)

GEM
  remote: https://rubygems.org/
  specs:
    about (0.1.0)
      logutils (>= 0.5)
      textutils (>= 0.7)
    actionmailer (3.2.12)
      actionpack (= 3.2.12)
      mail (~> 2.4.4)
    actionpack (3.2.12)
      activemodel (= 3.2.12)
      activesupport (= 3.2.12)
      builder (~> 3.0.0)
      erubis (~> 2.7.0)
      journey (~> 1.0.4)
      rack (~> 1.4.5)
      rack-cache (~> 1.2)
      rack-test (~> 0.6.1)
      sprockets (~> 2.2.1)
    activemodel (3.2.12)
      activesupport (= 3.2.12)
      builder (~> 3.0.0)
    activerecord (3.2.12)
      activemodel (= 3.2.12)
      activesupport (= 3.2.12)
      arel (~> 3.0.2)
      tzinfo (~> 0.3.29)
    activeresource (3.2.12)
      activemodel (= 3.2.12)
      activesupport (= 3.2.12)
    activesupport (3.2.12)
      i18n (~> 0.6)
      multi_json (~> 1.0)
    activityutils (0.1.0)
      logutils (>= 0.5)
    annotate (2.4.1.beta1)
    arel (3.0.3)
    bcrypt-ruby (3.0.1)
    bcrypt-ruby (3.0.1-x86-mingw32)
    bourbon (1.4.0)
      sass (>= 3.1)
    builder (3.0.4)
    coffee-rails (3.2.2)
      coffee-script (>= 2.2.0)
      railties (~> 3.2.0)
    coffee-script (2.2.0)
      coffee-script-source
      execjs
    coffee-script-source (1.7.0)
    commander (4.1.6)
      highline (~> 1.6.11)
    daemons (1.1.9)
    dbbrowser (0.1.3)
      logutils (>= 0.5)
    erubis (2.7.0)
    eventmachine (1.0.3)
    eventmachine (1.0.3-x86-mingw32)
    execjs (2.0.2)
    fetcher (0.4.2)
      logutils (>= 0.6)
    gli (2.9.0)
    highline (1.6.20)
    hike (1.2.3)
    i18n (0.6.9)
    journey (1.0.4)
    jquery-rails (3.1.0)
      railties (>= 3.0, < 5.0)
      thor (>= 0.14, < 2.0)
    json (1.8.1)
    kramdown (1.3.2)
    logutils (0.6.0)
    mail (2.4.4)
      i18n (>= 0.4.0)
      mime-types (~> 1.16)
      treetop (~> 1.4.8)
    mime-types (1.25.1)
    multi_json (1.8.4)
    pg (0.17.1)
    pg (0.17.1-x86-mingw32)
    polyglot (0.3.3)
    rack (1.4.5)
    rack-cache (1.2)
      rack (>= 0.4)
    rack-protection (1.5.2)
      rack
    rack-ssl (1.3.3)
      rack
    rack-test (0.6.2)
      rack (>= 1.0)
    rails (3.2.12)
      actionmailer (= 3.2.12)
      actionpack (= 3.2.12)
      activerecord (= 3.2.12)
      activeresource (= 3.2.12)
      activesupport (= 3.2.12)
      bundler (~> 1.0)
      railties (= 3.2.12)
    rails-i18n (3.0.0)
      i18n (~> 0.5)
      rails (>= 3.0.0, < 4.0.0)
    railties (3.2.12)
      actionpack (= 3.2.12)
      activesupport (= 3.2.12)
      rack-ssl (~> 1.3.2)
      rake (>= 0.8.7)
      rdoc (~> 3.4)
      thor (>= 0.14.6, < 2.0)
    rake (10.1.1)
    rdoc (3.12.2)
      json (~> 1.4)
    ri_cal (0.8.8)
    sass (3.2.14)
    sass-rails (3.2.6)
      railties (~> 3.2.0)
      sass (>= 3.1.10)
      tilt (~> 1.3)
    sinatra (1.4.4)
      rack (~> 1.4)
      rack-protection (~> 1.4)
      tilt (~> 1.3, >= 1.3.4)
    sportdb (1.8.5)
      fetcher (>= 0.3)
      gli (>= 2.5.6)
      worlddb (>= 1.7)
    sportdb-admin (0.3.0)
    sportdb-market (0.5.0)
    sportdb-play (0.2.2)
    sprockets (2.2.2)
      hike (~> 1.2)
      multi_json (~> 1.0)
      rack (~> 1.0)
      tilt (~> 1.1, != 1.3.0)
    sqlite3 (1.3.8)
    sqlite3 (1.3.8-x86-mingw32)
    textutils (0.8.6)
      logutils (~> 0.5)
    thin (1.6.1)
      daemons (>= 1.0.9)
      eventmachine (>= 1.0.0)
      rack (>= 1.0.0)
    thor (0.18.1)
    tilt (1.4.1)
    treetop (1.4.15)
      polyglot
      polyglot (>= 0.3.1)
    tzinfo (0.3.38)
    uglifier (2.4.0)
      execjs (>= 0.3.0)
      json (>= 1.8.0)
    worlddb (1.8.2)
      activerecord (~> 3.2)
      commander (~> 4.1.3)
      textutils (~> 0.6)
    worlddb-admin (0.1.1)
    worlddb-flags (0.1.0)

PLATFORMS
  ruby
  x86-mingw32

DEPENDENCIES
  about
  activityutils (= 0.1.0)
  annotate (~> 2.4.1.beta)
  bcrypt-ruby (~> 3.0.0)
  bourbon (= 1.4.0)
  coffee-rails (~> 3.2.1)
  dbbrowser
  footballdb-logos (= 0.1.0)!
  jquery-rails
  kramdown
  pg
  rails (= 3.2.12)
  rails-i18n
  ri_cal
  sass-rails (~> 3.2.3)
  sinatra
  sportdb (= 1.8.5)
  sportdb-admin (= 0.3.0)
  sportdb-data-africa-cup (= 9.9.9)!
  sportdb-data-american-football (= 9.9.9)!
  sportdb-data-at (= 9.9.9)!
  sportdb-data-copa-america (= 9.9.9)!
  sportdb-data-de (= 9.9.9)!
  sportdb-data-en (= 9.9.9)!
  sportdb-data-es (= 9.9.9)!
  sportdb-data-euro-cup (= 9.9.9)!
  sportdb-data-europe (= 9.9.9)!
  sportdb-data-europe-champions-league (= 9.9.9)!
  sportdb-data-it (= 9.9.9)!
  sportdb-data-north-america-gold-cup (= 9.9.9)!
  sportdb-data-world-cup (= 9.9.9)!
  sportdb-logos (= 0.1.0)!
  sportdb-market (= 0.5.0)
  sportdb-play (= 0.2.2)
  sqlite3
  thin
  uglifier (>= 1.0.3)
  worlddb (= 1.8.2)
  worlddb-admin (= 0.1.1)
  worlddb-data (= 9.9.9)!
  worlddb-flags (= 0.1.0)
